GIT
  remote: https://github.com/karthik-krishnan/fakerest
  revision: b3bc380363892d84675bf687aaad42e4ef32bb3a
  specs:
    fakerest (0.1.0)
      sinatra (~> 1.3.2)

GEM
  remote: https://rubygems.org/
  specs:
    rack (1.6.9)
    rack-protection (1.5.5)
      rack
    sinatra (1.3.6)
      rack (~> 1.4)
      rack-protection (~> 1.3)
      tilt (~> 1.3, >= 1.3.3)
    tilt (1.4.1)

PLATFORMS
  ruby

DEPENDENCIES
  fakerest!
  sinatra (~> 1.3.2)

BUNDLED WITH
   1.16.1
